PATH
  remote: vendor/card-mods
  specs:
    card-mod-filter (0.2)
      card
      card-mod-bootstrap
      card-mod-search
    card-mod-google_analytics (0.16)
      card
      staccato (~> 0.5)
    card-mod-social (0.2)
      card
    card-mod-thumbnail (0.1)
      card
      card-mod-bar_and_box

PATH
  remote: vendor/decko-cap
  specs:
    decko-cap (0.1)
      airbrussh
      bcrypt_pbkdf
      capistrano
      capistrano-bundler
      capistrano-git-with-submodules (~> 2.0)
      capistrano-maintenance
      capistrano-passenger
      ed25519

PATH
  remote: vendor/decko/mod
  specs:
    card-mod-account (0.15.6)
      card (= 1.105.6)
      card-mod-edit (= 0.15.6)
      card-mod-email (= 0.15.6)
      card-mod-integrate (= 0.15.6)
      card-mod-list (= 0.15.6)
      card-mod-permissions (= 0.15.6)
    card-mod-ace_editor (0.15.6)
      card (= 1.105.6)
      card-mod-edit (= 0.15.6)
      card-mod-script (= 0.15.6)
    card-mod-api_key (0.15.6)
      card (= 1.105.6)
      card-mod-account (= 0.15.6)
    card-mod-assets (0.15.6)
      card (= 1.105.6)
      card-mod-carrierwave (= 0.15.6)
      card-mod-content (= 0.15.6)
      card-mod-format (= 0.15.6)
      card-mod-list (= 0.15.6)
      card-mod-virtual (= 0.15.6)
      execjs (~> 2.7, != 2.8.0)
    card-mod-bar_and_box (0.15.6)
      card (= 1.105.6)
      card-mod-style (= 0.15.6)
    card-mod-bootstrap (0.15.6)
      card (= 1.105.6)
      card-mod-bar_and_box (= 0.15.6)
      card-mod-edit (= 0.15.6)
      card-mod-script (= 0.15.6)
      card-mod-style (= 0.15.6)
    card-mod-carrierwave (0.15.6)
      card (= 1.105.6)
      card-mod-history (= 0.15.6)
      card-mod-permissions (= 0.15.6)
      carrierwave (~> 2.2)
      mini_magick (~> 4.2)
      ssrf_filter (~> 1.0.7)
    card-mod-collection (0.15.6)
      card (= 1.105.6)
    card-mod-comment (0.15.6)
      card (= 1.105.6)
      card-mod-permissions (= 0.15.6)
    card-mod-content (0.15.6)
      card (= 1.105.6)
    card-mod-date (0.15.6)
      card (= 1.105.6)
    card-mod-defaults (0.15.6)
      card (= 1.105.6)
      card-mod-account (= 0.15.6)
      card-mod-ace_editor (= 0.15.6)
      card-mod-api_key (= 0.15.6)
      card-mod-assets (= 0.15.6)
      card-mod-bar_and_box (= 0.15.6)
      card-mod-bootstrap (= 0.15.6)
      card-mod-carrierwave (= 0.15.6)
      card-mod-comment (= 0.15.6)
      card-mod-date (= 0.15.6)
      card-mod-delayed_job (= 0.15.6)
      card-mod-follow (= 0.15.6)
      card-mod-help (= 0.15.6)
      card-mod-history (= 0.15.6)
      card-mod-integrate (= 0.15.6)
      card-mod-layout (= 0.15.6)
      card-mod-list (= 0.15.6)
      card-mod-markdown (= 0.15.6)
      card-mod-permissions (= 0.15.6)
      card-mod-recaptcha (= 0.15.6)
      card-mod-rules (= 0.15.6)
      card-mod-search (= 0.15.6)
      card-mod-tabs (= 0.15.6)
      card-mod-tinymce_editor (= 0.15.6)
    card-mod-delayed_job (0.15.6)
      card (= 1.105.6)
      daemons (~> 1.4)
      delayed_job_active_record (~> 4.1)
      delayed_job_web (~> 1.4)
    card-mod-edit (0.15.6)
      card (= 1.105.6)
      card-mod-list (= 0.15.6)
      card-mod-rules (= 0.15.6)
    card-mod-email (0.15.6)
      card (= 1.105.6)
      card-mod-list (= 0.15.6)
      card-mod-permissions (= 0.15.6)
      card-mod-search (= 0.15.6)
    card-mod-follow (0.15.6)
      card (= 1.105.6)
      card-mod-carrierwave (= 0.15.6)
    card-mod-format (0.15.6)
      card (= 1.105.6)
      card-mod-content (= 0.15.6)
    card-mod-help (0.15.6)
      card (= 1.105.6)
      card-mod-markdown (= 0.15.6)
      card-mod-permissions (= 0.15.6)
    card-mod-history (0.15.6)
      card (= 1.105.6)
    card-mod-integrate (0.15.6)
      card (= 1.105.6)
      card-mod-rules (= 0.15.6)
    card-mod-layout (0.15.6)
      card (= 1.105.6)
      card-mod-account (= 0.15.6)
      card-mod-session (= 0.15.6)
      card-mod-tabs (= 0.15.6)
    card-mod-list (0.15.6)
      card (= 1.105.6)
      card-mod-collection (= 0.15.6)
      card-mod-format (= 0.15.6)
    card-mod-markdown (0.15.6)
      card (= 1.105.6)
      kramdown (~> 2.4)
      kramdown-syntax-coderay (~> 1.0)
    card-mod-monkey (0.15.6)
      better_errors (~> 2.9)
      break (~> 0.30)
      card (= 1.105.6)
      html2haml (~> 2.2)
      pry-rails (~> 0.3)
      pry-rescue (~> 1.5)
      pry-stack_explorer (~> 0.6)
      rubocop (~> 1.17)
    card-mod-permissions (0.15.6)
      card (= 1.105.6)
    card-mod-platypus (0.15.6)
      card (= 1.105.6)
      fog-aws (~> 3.10)
      yard (~> 0.9)
    card-mod-recaptcha (0.15.6)
      card (= 1.105.6)
      recaptcha (~> 4.13.1)
    card-mod-rules (0.15.6)
      card (= 1.105.6)
      card-mod-format (= 0.15.6)
      card-mod-search (= 0.15.6)
    card-mod-script (0.15.6)
      card (= 1.105.6)
      card-mod-assets (= 0.15.6)
      card-mod-list (= 0.15.6)
    card-mod-search (0.15.6)
      card (= 1.105.6)
      card-mod-collection (= 0.15.6)
      card-mod-format (= 0.15.6)
      card-mod-help (= 0.15.6)
    card-mod-session (0.15.6)
      card (= 1.105.6)
      card-mod-list (= 0.15.6)
    card-mod-style (0.15.6)
      card (= 1.105.6)
      card-mod-assets (= 0.15.6)
      card-mod-list (= 0.15.6)
    card-mod-tabs (0.15.6)
      card (= 1.105.6)
      card-mod-bootstrap (= 0.15.6)
    card-mod-tinymce_editor (0.15.6)
      card (= 1.105.6)
      card-mod-edit (= 0.15.6)
    card-mod-virtual (0.15.6)
      card (= 1.105.6)

PATH
  remote: vendor/decko
  specs:
    card (1.105.6)
      actionmailbox (~> 6.1.4)
      actionmailer (~> 6.1.4)
      actionview (~> 6.1.4)
      activejob (~> 6.1.4)
      activerecord (~> 6.1.4)
      activerecord-import (~> 1.1)
      activestorage (~> 6.1.4)
      bootstrap4-kaminari-views (~> 1.0)
      cardname (= 0.15.6)
      coderay (~> 1.1)
      coffee-script (~> 2.4)
      colorize (~> 0.8)
      diff-lcs (~> 1.4)
      haml (~> 5.2)
      jwt (~> 2.2)
      kaminari (~> 1.2)
      railties (~> 6.1.4)
      rake (~> 13.0)
      sass (~> 3.7.4)
      sassc (~> 2.4)
      sprockets (~> 3.7)
      sprockets-rails (~> 3.2)
      timecop (~> 0.9)
      uglifier (~> 4.2)
      zeitwerk (!= 2.5.0)
    cardname (0.15.6)
      activesupport (~> 6.1)
      htmlentities (~> 4.3)
    decko (0.15.6)
      actionpack (~> 6.1.4)
      card (= 1.105.6)
      card-mod-defaults (= 0.15.6)

GEM
  remote: http://rubygems.org/
  specs:
    actioncable (6.1.7.6)
      actionpack (= 6.1.7.6)
      activesupport (= 6.1.7.6)
      nio4r (~> 2.0)
      websocket-driver (>= 0.6.1)
    actionmailbox (6.1.7.6)
      actionpack (= 6.1.7.6)
      activejob (= 6.1.7.6)
      activerecord (= 6.1.7.6)
      activestorage (= 6.1.7.6)
      activesupport (= 6.1.7.6)
      mail (>= 2.7.1)
    actionmailer (6.1.7.6)
      actionpack (= 6.1.7.6)
      actionview (= 6.1.7.6)
      activejob (= 6.1.7.6)
      activesupport (= 6.1.7.6)
      mail (~> 2.5, >= 2.5.4)
      rails-dom-testing (~> 2.0)
    actionpack (6.1.7.6)
      actionview (= 6.1.7.6)
      activesupport (= 6.1.7.6)
      rack (~> 2.0, >= 2.0.9)
      rack-test (>= 0.6.3)
      rails-dom-testing (~> 2.0)
      rails-html-sanitizer (~> 1.0, >= 1.2.0)
    actiontext (6.1.7.6)
      actionpack (= 6.1.7.6)
      activerecord (= 6.1.7.6)
      activestorage (= 6.1.7.6)
      activesupport (= 6.1.7.6)
      nokogiri (>= 1.8.5)
    actionview (6.1.7.6)
      activesupport (= 6.1.7.6)
      builder (~> 3.1)
      erubi (~> 1.4)
      rails-dom-testing (~> 2.0)
      rails-html-sanitizer (~> 1.1, >= 1.2.0)
    activejob (6.1.7.6)
      activesupport (= 6.1.7.6)
      globalid (>= 0.3.6)
    activemodel (6.1.7.6)
      activesupport (= 6.1.7.6)
    activerecord (6.1.7.6)
      activemodel (= 6.1.7.6)
      activesupport (= 6.1.7.6)
    activerecord-import (1.5.1)
      activerecord (>= 4.2)
    activestorage (6.1.7.6)
      actionpack (= 6.1.7.6)
      activejob (= 6.1.7.6)
      activerecord (= 6.1.7.6)
      activesupport (= 6.1.7.6)
      marcel (~> 1.0)
      mini_mime (>= 1.1.0)
    activesupport (6.1.7.6)
      concurrent-ruby (~> 1.0, >= 1.0.2)
      i18n (>= 1.6, < 2)
      minitest (>= 5.1)
      tzinfo (~> 2.0)
      zeitwerk (~> 2.3)
    addressable (2.8.6)
      public_suffix (>= 2.0.2, < 6.0)
    airbrussh (1.5.1)
      sshkit (>= 1.6.1, != 1.7.0)
    ast (2.4.2)
    base64 (0.2.0)
    bcrypt_pbkdf (1.1.0)
    better_errors (2.10.1)
      erubi (>= 1.0.0)
      rack (>= 0.9.0)
      rouge (>= 1.0.0)
    binding_of_caller (1.0.0)
      debug_inspector (>= 0.0.1)
    bootstrap4-kaminari-views (1.0.1)
      kaminari (>= 0.13)
      rails (>= 3.1)
    break (0.40.0)
    builder (3.2.4)
    capistrano (3.18.0)
      airbrussh (>= 1.0.0)
      i18n
      rake (>= 10.0.0)
      sshkit (>= 1.9.0)
    capistrano-bundler (2.1.0)
      capistrano (~> 3.1)
    capistrano-git-with-submodules (2.0.6)
      capistrano (~> 3.7)
    capistrano-maintenance (1.2.1)
      capistrano (>= 3.0)
    capistrano-passenger (0.2.1)
      capistrano (~> 3.0)
    carrierwave (2.2.5)
      activemodel (>= 5.0.0)
      activesupport (>= 5.0.0)
      addressable (~> 2.6)
      image_processing (~> 1.1)
      marcel (~> 1.0.0)
      mini_mime (>= 0.1.3)
      ssrf_filter (~> 1.0)
    coderay (1.1.3)
    coffee-script (2.4.1)
      coffee-script-source
      execjs
    coffee-script-source (1.12.2)
    colorize (0.8.1)
    concurrent-ruby (1.2.3)
    crass (1.0.6)
    daemons (1.4.1)
    dalli (3.2.6)
    date (3.3.4)
    debug_inspector (1.2.0)
    delayed_job (4.1.11)
      activesupport (>= 3.0, < 8.0)
    delayed_job_active_record (4.1.8)
      activerecord (>= 3.0, < 8.0)
      delayed_job (>= 3.0, < 5)
    delayed_job_web (1.4.4)
      activerecord (> 3.0.0)
      delayed_job (> 2.0.3)
      rack-protection (>= 1.5.5)
      sinatra (>= 1.4.4)
    diff-lcs (1.5.0)
    ed25519 (1.3.0)
    erubi (1.12.0)
    erubis (2.7.0)
    excon (0.109.0)
    execjs (2.9.1)
    ffi (1.16.3)
    fog-aws (3.21.0)
      fog-core (~> 2.1)
      fog-json (~> 1.1)
      fog-xml (~> 0.1)
    fog-core (2.4.0)
      builder
      excon (~> 0.71)
      formatador (>= 0.2, < 2.0)
      mime-types
    fog-json (1.2.0)
      fog-core
      multi_json (~> 1.10)
    fog-xml (0.1.4)
      fog-core
      nokogiri (>= 1.5.11, < 2.0.0)
    formatador (1.1.0)
    globalid (1.2.1)
      activesupport (>= 6.1)
    haml (5.2.2)
      temple (>= 0.8.0)
      tilt
    html2haml (2.3.0)
      erubis (~> 2.7.0)
      haml (>= 4.0)
      nokogiri (>= 1.6.0)
      ruby_parser (~> 3.5)
    htmlentities (4.3.4)
    i18n (1.14.1)
      concurrent-ruby (~> 1.0)
    image_processing (1.12.2)
      mini_magick (>= 4.9.5, < 5)
      ruby-vips (>= 2.0.17, < 3)
    interception (0.5)
    json (2.7.1)
    jwt (2.7.1)
    kaminari (1.2.2)
      activesupport (>= 4.1.0)
      kaminari-actionview (= 1.2.2)
      kaminari-activerecord (= 1.2.2)
      kaminari-core (= 1.2.2)
    kaminari-actionview (1.2.2)
      actionview
      kaminari-core (= 1.2.2)
    kaminari-activerecord (1.2.2)
      activerecord
      kaminari-core (= 1.2.2)
    kaminari-core (1.2.2)
    kramdown (2.4.0)
      rexml
    kramdown-syntax-coderay (1.0.1)
      coderay (~> 1.1)
      kramdown (~> 2.0)
    language_server-protocol (3.17.0.3)
    loofah (2.22.0)
      crass (~> 1.0.2)
      nokogiri (>= 1.12.0)
    mail (2.8.1)
      mini_mime (>= 0.1.1)
      net-imap
      net-pop
      net-smtp
    marcel (1.0.2)
    method_source (1.0.0)
    mime-types (3.5.2)
      mime-types-data (~> 3.2015)
    mime-types-data (3.2023.1205)
    mini_magick (4.12.0)
    mini_mime (1.1.5)
    mini_portile2 (2.8.6)
    minitest (5.21.2)
    multi_json (1.15.0)
    mustermann (3.0.0)
      ruby2_keywords (~> 0.0.1)
    mutex_m (0.2.0)
    mysql2 (0.5.5)
    net-imap (0.3.7)
      date
      net-protocol
    net-pop (0.1.2)
      net-protocol
    net-protocol (0.2.2)
      timeout
    net-scp (4.0.0)
      net-ssh (>= 2.6.5, < 8.0.0)
    net-sftp (4.0.0)
      net-ssh (>= 5.0.0, < 8.0.0)
    net-smtp (0.4.0.1)
      net-protocol
    net-ssh (7.2.1)
    nio4r (2.7.0)
    nokogiri (1.16.5)
      mini_portile2 (~> 2.8.2)
      racc (~> 1.4)
    parallel (1.24.0)
    parser (3.3.0.5)
      ast (~> 2.4.1)
      racc
    pry (0.14.2)
      coderay (~> 1.1)
      method_source (~> 1.0)
    pry-rails (0.3.9)
      pry (>= 0.10.4)
    pry-rescue (1.6.0)
      interception (>= 0.5)
      pry (>= 0.12.0)
    pry-stack_explorer (0.6.1)
      binding_of_caller (~> 1.0)
      pry (~> 0.13)
    public_suffix (5.0.4)
    puma (6.4.2)
      nio4r (~> 2.0)
    racc (1.7.3)
    rack (2.2.8)
    rack-protection (3.2.0)
      base64 (>= 0.1.0)
      rack (~> 2.2, >= 2.2.4)
    rack-test (2.1.0)
      rack (>= 1.3)
    rails (6.1.7.6)
      actioncable (= 6.1.7.6)
      actionmailbox (= 6.1.7.6)
      actionmailer (= 6.1.7.6)
      actionpack (= 6.1.7.6)
      actiontext (= 6.1.7.6)
      actionview (= 6.1.7.6)
      activejob (= 6.1.7.6)
      activemodel (= 6.1.7.6)
      activerecord (= 6.1.7.6)
      activestorage (= 6.1.7.6)
      activesupport (= 6.1.7.6)
      bundler (>= 1.15.0)
      railties (= 6.1.7.6)
      sprockets-rails (>= 2.0.0)
    rails-dom-testing (2.2.0)
      activesupport (>= 5.0.0)
      minitest
      nokogiri (>= 1.6)
    rails-html-sanitizer (1.6.0)
      loofah (~> 2.21)
      nokogiri (~> 1.14)
    railties (6.1.7.6)
      actionpack (= 6.1.7.6)
      activesupport (= 6.1.7.6)
      method_source
      rake (>= 12.2)
      thor (~> 1.0)
    rainbow (3.1.1)
    rake (13.1.0)
    rb-fsevent (0.11.2)
    rb-inotify (0.10.1)
      ffi (~> 1.0)
    recaptcha (4.13.2)
      json
    regexp_parser (2.9.0)
    rexml (3.2.6)
    rouge (4.2.0)
    rubocop (1.60.1)
      json (~> 2.3)
      language_server-protocol (>= 3.17.0)
      parallel (~> 1.10)
      parser (>= 3.3.0.2)
      rainbow (>= 2.2.2, < 4.0)
      regexp_parser (>= 1.8, < 3.0)
      rexml (>= 3.2.5, < 4.0)
      rubocop-ast (>= 1.30.0, < 2.0)
      ruby-progressbar (~> 1.7)
      unicode-display_width (>= 2.4.0, < 3.0)
    rubocop-ast (1.30.0)
      parser (>= 3.2.1.0)
    ruby-progressbar (1.13.0)
    ruby-vips (2.2.0)
      ffi (~> 1.12)
    ruby2_keywords (0.0.5)
    ruby_parser (3.21.0)
      racc (~> 1.5)
      sexp_processor (~> 4.16)
    sass (3.7.4)
      sass-listen (~> 4.0.0)
    sass-listen (4.0.0)
      rb-fsevent (~> 0.9, >= 0.9.4)
      rb-inotify (~> 0.9, >= 0.9.7)
    sassc (2.4.0)
      ffi (~> 1.9)
    sassc (2.4.0-x64-mingw32)
      ffi (~> 1.9)
    sexp_processor (4.17.1)
    sinatra (3.2.0)
      mustermann (~> 3.0)
      rack (~> 2.2, >= 2.2.4)
      rack-protection (= 3.2.0)
      tilt (~> 2.0)
    sprockets (3.7.2)
      concurrent-ruby (~> 1.0)
      rack (> 1, < 3)
    sprockets-rails (3.4.2)
      actionpack (>= 5.2)
      activesupport (>= 5.2)
      sprockets (>= 3.0.0)
    sshkit (1.22.0)
      mutex_m
      net-scp (>= 1.1.2)
      net-sftp (>= 2.1.2)
      net-ssh (>= 2.8.0)
    ssrf_filter (1.0.8)
    staccato (0.5.3)
    temple (0.10.3)
    thor (1.3.0)
    tilt (2.3.0)
    timecop (0.9.8)
    timeout (0.4.1)
    tzinfo (2.0.6)
      concurrent-ruby (~> 1.0)
    tzinfo-data (1.2023.4)
      tzinfo (>= 1.0.0)
    uglifier (4.2.0)
      execjs (>= 0.3.0, < 3)
    unicode-display_width (2.5.0)
    websocket-driver (0.7.6)
      websocket-extensions (>= 0.1.0)
    websocket-extensions (0.1.5)
    yard (0.9.34)
    zeitwerk (2.6.12)

PLATFORMS
  ruby
  x64-mingw32

DEPENDENCIES
  card!
  card-mod-defaults!
  card-mod-delayed_job!
  card-mod-filter!
  card-mod-google_analytics!
  card-mod-monkey!
  card-mod-platypus!
  card-mod-social!
  card-mod-thumbnail!
  cardname!
  dalli
  decko!
  decko-cap!
  fog-aws
  mysql2
  net-imap (= 0.3.7)
  net-pop
  net-smtp
  puma
  tzinfo-data

BUNDLED WITH
   2.4.18
